GEM
  remote: http://rubygems.org/
  specs:
    actionmailer (2.3.18)
      actionpack (= 2.3.18)
    actionpack (2.3.18)
      activesupport (= 2.3.18)
      rack (~> 1.1.0)
    activerecord (2.3.18)
      activesupport (= 2.3.18)
    activeresource (2.3.18)
      activesupport (= 2.3.18)
    activesupport (2.3.18)
    calendar_date_select (1.16.1)
    chardet (0.9.0)
    daemons (1.0.10)
    declarative_authorization (0.5.7)
    delayed_job (2.0.8)
      activesupport (~> 2.0)
      daemons (= 1.0.10)
    has_and_belongs_to_many_with_deferred_save (0.2.0)
      activerecord
    hoe (3.7.1)
      rake (>= 0.8, < 11.0)
    html5 (0.10.0)
      chardet (>= 0.9.0)
      hoe (>= 1.2.0)
    i18n (0.4.0)
    mysql (2.9.1)
    paperclip (2.3.10)
      activerecord (>= 2.3.0)
      activesupport (>= 2.3.2)
    rack (1.1.6)
    rails (2.3.18)
      actionmailer (= 2.3.18)
      actionpack (= 2.3.18)
      activerecord (= 2.3.18)
      activeresource (= 2.3.18)
      activesupport (= 2.3.18)
      rake (>= 0.8.3)
    rake (10.1.0)
    rspec (1.3.2)
    rspec-rails (1.3.4)
      rack (>= 1.0.0)
      rspec (~> 1.3.1)
    searchlogic (2.5.8)
      activerecord (~> 2.3.12)
      activerecord (~> 2.3.12)
    test-unit (2.5.5)
    translator (1.0.0)
    wicked_pdf (0.7.0)
    will_paginate (2.3.12)
    xss_terminate (0.22)
      html5 (>= 0.10.0)

PLATFORMS
  ruby

DEPENDENCIES
  calendar_date_select (= 1.16.1)
  declarative_authorization
  delayed_job (= 2.0.8)
  has_and_belongs_to_many_with_deferred_save (= 0.2.0)
  i18n (= 0.4.0)
  mysql
  paperclip (= 2.3.10)
  rails (= 2.3.18)
  rspec-rails (= 1.3.4)
  searchlogic (= 2.5.8)
  test-unit
  translator (= 1.0.0)
  wicked_pdf (= 0.7.0)
  will_paginate (= 2.3.12)
  xss_terminate
