GEM
  remote: http://rubygems.org/
  specs:
    actionmailer (2.3.18)
      actionpack (= 2.3.18)
    actionpack (2.3.18)
      activesupport (= 2.3.18)
      rack (~> 1.1.0)
    activerecord (2.3.18)
      activesupport (= 2.3.18)
    activeresource (2.3.18)
      activesupport (= 2.3.18)
    activesupport (2.3.18)
    builder (3.2.2)
    calendar_date_select (1.16.1)
    chardet (0.9.0)
    in_place_editing (1.2.0)
    cucumber (1.3.6)
      builder (>= 2.1.2)
      diff-lcs (>= 1.1.3)
      gherkin (~> 2.12.0)
      multi_json (~> 1.7.5)
      multi_test (>= 0.0.2)
    cucumber-rails (0.3.2)
      cucumber (>= 0.8.0)
    daemons (1.0.10)
    database_cleaner (1.1.1)
    declarative_authorization (0.5.7)
    delayed_job (2.0.8)
      activesupport (~> 2.0)
      daemons (= 1.0.10)
    diff-lcs (1.2.4)
    factory_girl (2.6.4)
      activesupport (>= 2.3.9)
    gherkin (2.12.1)
      multi_json (~> 1.3)
    has_and_belongs_to_many_with_deferred_save (0.2.0)
      activerecord
    hoe (3.7.1)
      rake (>= 0.8, < 11.0)
    html5 (0.10.0)
      chardet (>= 0.9.0)
      hoe (>= 1.2.0)
    i18n (0.6.5)
    mini_portile (0.5.1)
    multi_json (1.7.9)
    multi_test (0.0.2)
    mysql (2.9.1)
    nokogiri (1.6.0)
      mini_portile (~> 0.5.0)
    paperclip (2.3.10)
      activerecord (>= 2.3.0)
      activesupport (>= 2.3.2)
    rack (1.1.6)
    rack-test (0.6.2)
      rack (>= 1.0)
    rails (2.3.18)
      actionmailer (= 2.3.18)
      actionpack (= 2.3.18)
      activerecord (= 2.3.18)
      activeresource (= 2.3.18)
      activesupport (= 2.3.18)
      rake (>= 0.8.3)
    rake (10.1.0)
    rspec (1.3.2)
    rspec-rails (1.3.4)
      rack (>= 1.0.0)
      rspec (~> 1.3.1)
    searchlogic (2.5.8)
      activerecord (~> 2.3.12)
      activerecord (~> 2.3.12)
    shoulda-matchers (1.0.0)
    test-unit (1.2.3)
      hoe (>= 1.5.1)
    translator (1.0.0)
    webrat (0.7.3)
      nokogiri (>= 1.2.0)
      rack (>= 1.0)
      rack-test (>= 0.5.3)
    wicked_pdf (0.7.0)
    will_paginate (2.3.12)
    xss_terminate (0.22)
      html5 (>= 0.10.0)

PLATFORMS
  ruby

DEPENDENCIES
  calendar_date_select (= 1.16.1)
  cucumber-rails (= 0.3.2)
  database_cleaner
  declarative_authorization
  delayed_job (= 2.0.8)
  factory_girl
  has_and_belongs_to_many_with_deferred_save (= 0.2.0)
  i18n
  mysql
  paperclip (= 2.3.10)
  rails (= 2.3.18)
  rspec-rails (= 1.3.4)
  searchlogic (= 2.5.8)
  shoulda-matchers
  test-unit (= 1.2.3)
  translator (= 1.0.0)
  webrat
  wicked_pdf (= 0.7.0)
  will_paginate (= 2.3.12)
  xss_terminate
